GEM
  remote: https://rubygems.org/
  specs:
    actionmailer (2.3.18)
      actionpack (= 2.3.18)
    actionpack (2.3.18)
      activesupport (= 2.3.18)
      rack (~> 1.1.0)
    activerecord (2.3.18)
      activesupport (= 2.3.18)
    activeresource (2.3.18)
      activesupport (= 2.3.18)
    activesupport (2.3.18)
    acts-as-taggable-on (2.1.0)
      rails
    capybara (2.1.0)
      mime-types (>= 1.16)
      nokogiri (>= 1.3.3)
      rack (>= 1.0.0)
      rack-test (>= 0.5.4)
      xpath (~> 2.0)
    coderay (1.0.9)
    coveralls (0.7.0)
      multi_json (~> 1.3)
      rest-client
      simplecov (>= 0.7)
      term-ansicolor
      thor
    edavis10-object_daddy (0.4.3)
    gravatarify (3.0.0)
    i18n (0.4.2)
    json (1.7.7)
    liquid (2.3.0)
    metaclass (0.0.1)
    mime-types (2.0)
    mini_portile (0.5.2)
    mocha (0.12.1)
      metaclass (~> 0.0.1)
    multi_json (1.8.2)
    mysql2 (0.2.20)
    net-ldap (0.3.1)
    nokogiri (1.6.0)
      mini_portile (~> 0.5.0)
    rack (1.1.6)
    rack-test (0.6.2)
      rack (>= 1.0)
    rails (2.3.18)
      actionmailer (= 2.3.18)
      actionpack (= 2.3.18)
      activerecord (= 2.3.18)
      activeresource (= 2.3.18)
      activesupport (= 2.3.18)
      rake (>= 0.8.3)
    rake (10.1.0)
    rdoc (4.0.1)
      json (~> 1.4)
    rest-client (1.6.7)
      mime-types (>= 1.16)
    rmagick (2.13.2)
    ruby-openid (2.1.8)
    rubytree (0.5.3)
    shoulda (2.10.3)
    simplecov (0.7.1)
      multi_json (~> 1.0)
      simplecov-html (~> 0.7.1)
    simplecov-html (0.7.1)
    term-ansicolor (1.2.2)
      tins (~> 0.8)
    test-unit (2.5.5)
    thor (0.18.1)
    tins (0.12.0)
    tzinfo (0.3.38)
    xpath (2.0.0)
      nokogiri (~> 1.3)

PLATFORMS
  ruby

DEPENDENCIES
  activerecord-jdbcmysql-adapter
  activerecord-jdbcpostgresql-adapter
  activerecord-jdbcsqlite3-adapter
  acts-as-taggable-on (= 2.1.0)
  capybara
  coderay (~> 1.0.0)
  coveralls
  edavis10-object_daddy
  gravatarify (~> 3.0.0)
  i18n (~> 0.4.2)
  jruby-openssl
  json (~> 1.7.7)
  liquid (~> 2.3.0)
  mocha (= 0.12.1)
  mysql2 (~> 0.2.7)
  net-ldap (~> 0.3.1)
  nokogiri
  rails (= 2.3.18)
  rdoc (>= 2.4.2)
  rmagick (>= 1.15.17)
  ruby-openid (~> 2.1.4)
  rubytree (~> 0.5.2)
  shoulda (~> 2.10.3)
  test-unit
  tzinfo (~> 0.3.31)
